GEM
  remote: http://rubygems.org/
  specs:
    RedCloth (4.2.7)
    coderay (0.9.8)
    haml (3.1.2)
    haml-coderay (0.1.2)
      coderay
      haml
    rack (1.3.0)
    rdiscount (1.6.8)
    sinatra (1.2.6)
      rack (~> 1.1)
      tilt (>= 1.2.2, < 2.0)
    tilt (1.3.2)

PLATFORMS
  ruby

DEPENDENCIES
  RedCloth
  haml
  haml-coderay
  rdiscount
  sinatra
