GEM
  remote: http://rubygems.org/
  specs:
    activesupport (3.2.13)
      i18n (= 0.6.1)
      multi_json (~> 1.0)
    chunky_png (1.3.4)
    coderay (1.1.0)
    coffee-script (2.2.0)
      coffee-script-source
      execjs
    coffee-script-source (1.3.3)
    compass (1.0.3)
      chunky_png (~> 1.2)
      compass-core (~> 1.0.2)
      compass-import-once (~> 1.0.5)
      rb-fsevent (>= 0.9.3)
      rb-inotify (>= 0.9)
      sass (>= 3.3.13, < 3.5)
    compass-core (1.0.3)
      multi_json (~> 1.0)
      sass (>= 3.3.0, < 3.5)
    compass-import-once (1.0.5)
      sass (>= 3.2, < 3.5)
    execjs (1.4.1)
      multi_json (~> 1.0)
    ffi (1.9.10)
    haml (4.0.6)
      tilt
    haml-coderay (0.2.0)
      coderay
      haml
    hike (1.2.3)
    http_router (0.10.2)
      rack (>= 1.0.0)
      url_mount (~> 0.2.1)
    httpclient (2.6.0.1)
    i18n (0.6.1)
    json (1.8.3)
    listen (0.7.3)
    maruku (0.6.1)
      syntax (>= 1.0.0)
    middleman (3.0.14)
      middleman-core (= 3.0.14)
      middleman-more (= 3.0.14)
      middleman-sprockets (~> 3.1.0)
    middleman-core (3.0.14)
      activesupport (~> 3.2.6)
      bundler (~> 1.1)
      listen (~> 0.7.3)
      rack (~> 1.4.1)
      rack-test (~> 0.6.1)
      rb-fsevent (~> 0.9.3)
      thor (~> 0.15.4)
      tilt (~> 1.3.6)
    middleman-more (3.0.14)
      coffee-script (~> 2.2.0)
      coffee-script-source (~> 1.3.3)
      compass (>= 0.12.2)
      execjs (~> 1.4.0)
      haml (>= 3.1.6)
      i18n (~> 0.6.0, < 0.6.2)
      maruku (~> 0.6.0)
      middleman-core (= 3.0.14)
      padrino-helpers (= 0.10.7)
      sass (>= 3.1.20)
      uglifier (~> 1.2.6)
    middleman-smusher (3.0.0)
      middleman (>= 3.0.0)
      smusher (~> 0.4.9)
    middleman-sprockets (3.1.4)
      middleman-core (>= 3.0.14)
      middleman-more (>= 3.0.14)
      sprockets (~> 2.1)
      sprockets-helpers (~> 1.0.0)
      sprockets-sass (~> 1.0.0)
    multi_json (1.11.2)
    padrino-core (0.10.7)
      activesupport (~> 3.2.0)
      http_router (~> 0.10.2)
      sinatra (~> 1.3.1)
      thor (~> 0.15.2)
      tilt (~> 1.3.0)
    padrino-helpers (0.10.7)
      i18n (~> 0.6)
      padrino-core (= 0.10.7)
    rack (1.4.7)
    rack-protection (1.5.3)
      rack
    rack-test (0.6.3)
      rack (>= 1.0)
    rake (13.0.1)
    rb-fsevent (0.9.5)
    rb-inotify (0.9.5)
      ffi (>= 0.5.0)
    sass (3.4.16)
    sinatra (1.3.6)
      rack (~> 1.4)
      rack-protection (~> 1.3)
      tilt (~> 1.3, >= 1.3.3)
    smusher (0.4.9)
      httpclient (>= 2.2)
      json
      rake
    sprockets (2.12.4)
      hike (~> 1.2)
      multi_json (~> 1.0)
      rack (~> 1.0)
      tilt (~> 1.1, != 1.3.0)
    sprockets-helpers (1.0.1)
      sprockets (~> 2.0)
    sprockets-sass (1.0.3)
      sprockets (~> 2.0)
      tilt (~> 1.1)
    syntax (1.2.0)
    thor (0.15.4)
    tilt (1.3.7)
    uglifier (1.2.7)
      execjs (>= 0.3.0)
      multi_json (~> 1.3)
    url_mount (0.2.1)
      rack

PLATFORMS
  ruby

DEPENDENCIES
  haml-coderay
  middleman (~> 3.0.0)
  middleman-smusher
